GEM
  remote: https://rubygems.org/
  specs:
    addressable (2.3.4)
    backports (3.3.1)
    eventmachine (1.0.3)
    haml (3.1.7)
    kgio (2.8.0)
    pg (0.15.1)
    rack (1.5.2)
    rack-protection (1.5.0)
      rack
    rack-test (0.6.2)
      rack (>= 1.0)
    raindrops (0.11.0)
    sequel (3.48.0)
    sinatra (1.4.2)
      rack (~> 1.5, >= 1.5.2)
      rack-protection (~> 1.4)
      tilt (~> 1.3, >= 1.3.4)
    sinatra-contrib (1.4.0)
      backports (>= 2.0)
      eventmachine
      rack-protection
      rack-test
      sinatra (~> 1.4.2)
      tilt (~> 1.3)
    sinatra-reloader (1.0)
      sinatra-contrib
    tilt (1.4.1)
    unicorn (4.6.2)
      kgio (~> 2.6)
      rack
      raindrops (~> 0.7)

PLATFORMS
  ruby

DEPENDENCIES
  addressable
  haml
  pg
  sequel
  sinatra
  sinatra-reloader
  unicorn
